GIT
  remote: git://github.com/changinglanes/Spree-PrettyPhoto.git
  revision: e8dcec4c3b0649bfdc09c6a7c99bb91607537b49
  specs:
    spree_pretty_photo (1.0.0)
      spree_core (>= 0.40.0)

GIT
  remote: git://github.com/gogogoaldi/spree_check_capture.git
  revision: fcd08786d2971588882a028fe9a0e9ca8b9c405e
  specs:
    spree_check_capture (0.0.1)
      spree_core (>= 0.30.0)

GIT
  remote: git://github.com/spree/spree_paypal_express.git
  revision: fbda454048067c50faebbe8f1b445d9d0563ba0e
  specs:
    spree_paypal_express (1.0.0)
      spree_core (>= 0.40.3)

PATH
  remote: importator
  specs:
    importator (1.0.0)
      fastercsv
      spree_core (>= 0.40.0)

PATH
  remote: legal
  specs:
    legal (1.0.0)
      spree_core (>= 0.40.0)

GEM
  remote: http://rubygems.org/
  specs:
    abstract (1.0.0)
    actionmailer (3.0.4)
      actionpack (= 3.0.4)
      mail (~> 2.2.15)
    actionpack (3.0.4)
      activemodel (= 3.0.4)
      activesupport (= 3.0.4)
      builder (~> 2.1.2)
      erubis (~> 2.6.6)
      i18n (~> 0.4)
      rack (~> 1.2.1)
      rack-mount (~> 0.6.13)
      rack-test (~> 0.5.7)
      tzinfo (~> 0.3.23)
    activemerchant (1.9.0)
      activesupport (>= 2.3.2)
      braintree (>= 2.0.0)
      builder (>= 2.0.0)
    activemodel (3.0.4)
      activesupport (= 3.0.4)
      builder (~> 2.1.2)
      i18n (~> 0.4)
    activerecord (3.0.4)
      activemodel (= 3.0.4)
      activesupport (= 3.0.4)
      arel (~> 2.0.2)
      tzinfo (~> 0.3.23)
    activeresource (3.0.4)
      activemodel (= 3.0.4)
      activesupport (= 3.0.4)
    activesupport (3.0.4)
    acts_as_list (0.1.2)
    arel (2.0.9)
    bcrypt-ruby (2.1.4)
    braintree (2.8.0)
      builder
    builder (2.1.2)
    cancan (1.3.3)
    devise (1.2.rc)
      bcrypt-ruby (~> 2.1.2)
      orm_adapter (~> 0.0.2)
      warden (~> 1.0.2)
    erubis (2.6.6)
      abstract (>= 1.0.0)
    faker (0.9.4)
      i18n (~> 0.4)
    fastercsv (1.5.4)
    highline (1.5.1)
    i18n (0.5.0)
    jquery-rails (0.2.2)
      rails (~> 3.0)
    mail (2.2.15)
      activesupport (>= 2.3.6)
      i18n (>= 0.4.0)
      mime-types (~> 1.16)
      treetop (~> 1.4.8)
    mime-types (1.16)
    orm_adapter (0.0.4)
    paperclip (2.3.8)
      activerecord
      activesupport
    polyglot (0.3.1)
    rack (1.2.1)
    rack-mount (0.6.13)
      rack (>= 1.0.0)
    rack-test (0.5.7)
      rack (>= 1.0)
    rails (3.0.4)
      actionmailer (= 3.0.4)
      actionpack (= 3.0.4)
      activerecord (= 3.0.4)
      activeresource (= 3.0.4)
      activesupport (= 3.0.4)
      bundler (~> 1.0)
      railties (= 3.0.4)
    railties (3.0.4)
      actionpack (= 3.0.4)
      activesupport (= 3.0.4)
      rake (>= 0.8.7)
      thor (~> 0.14.4)
    rake (0.8.7)
    rd_awesome_nested_set (1.4.4)
      activerecord (>= 1.1)
    rd_resource_controller (1.0.1)
    rd_searchlogic (3.0.0)
      activerecord (>= 3.0.0)
    rd_unobtrusive_date_picker (0.1.0)
    spree (0.40.3)
      spree_api (= 0.40.3)
      spree_auth (= 0.40.3)
      spree_core (= 0.40.3)
      spree_dash (= 0.40.3)
      spree_promo (= 0.40.3)
      spree_sample (= 0.40.3)
    spree_api (0.40.3)
      spree_core (= 0.40.3)
    spree_auth (0.40.3)
      cancan (= 1.3.3)
      devise (= 1.2.rc)
      spree_core (= 0.40.3)
    spree_core (0.40.3)
      activemerchant (= 1.9.0)
      acts_as_list (= 0.1.2)
      faker (= 0.9.4)
      highline (= 1.5.1)
      jquery-rails (= 0.2.2)
      paperclip (= 2.3.8)
      rails (= 3.0.4)
      rd_awesome_nested_set (= 1.4.4)
      rd_resource_controller
      rd_searchlogic (= 3.0.0)
      rd_unobtrusive_date_picker (= 0.1.0)
      state_machine (= 0.9.4)
      stringex (= 1.0.3)
      will_paginate (= 3.0.pre2)
    spree_dash (0.40.3)
      spree_core (= 0.40.3)
    spree_promo (0.40.3)
      spree_core (= 0.40.3)
    spree_sample (0.40.3)
      spree_core (= 0.40.3)
    sqlite3-ruby (1.3.0)
    state_machine (0.9.4)
    stringex (1.0.3)
    thor (0.14.6)
    treetop (1.4.9)
      polyglot (>= 0.3.1)
    tzinfo (0.3.24)
    warden (1.0.3)
      rack (>= 1.0.0)
    will_paginate (3.0.pre2)

PLATFORMS
  ruby

DEPENDENCIES
  importator!
  legal!
  rails (= 3.0.4)
  spree (= 0.40.3)
  spree_check_capture!
  spree_paypal_express!
  spree_pretty_photo!
  sqlite3-ruby
